GEM
  remote: https://rubygems.org/
  specs:
    Ascii85 (1.0.3)
    addressable (2.2.8)
    afm (0.2.2)
    asciidoctor (1.5.6.1)
    asciidoctor-pdf (1.5.0.alpha.16)
      asciidoctor (>= 1.5.0)
      prawn (>= 1.3.0, < 2.3.0)
      prawn-icon (= 1.3.0)
      prawn-svg (>= 0.21.0, < 0.28.0)
      prawn-table (= 0.2.2)
      prawn-templates (>= 0.0.3, <= 0.1.1)
      safe_yaml (~> 1.0.4)
      thread_safe (~> 0.3.6)
      treetop (= 1.5.3)
    atlas-api (0.1.0)
      faraday (~> 0.5.3)
      hashie (~> 0.4.0)
    awesome_print (1.8.0)
    chunky_png (1.3.11)
    coderay (1.1.2)
    colorize (0.8.1)
    css_parser (1.7.0)
      addressable
    faraday (0.5.7)
      addressable (~> 2.2.4)
      multipart-post (~> 1.1.0)
      rack (>= 1.1.0, < 2)
    hashery (2.1.2)
    hashie (0.4.0)
    json (2.2.0)
    multi_json (1.14.1)
    multipart-post (1.1.5)
    oily_png (1.2.1)
      chunky_png (~> 1.3.7)
    pdf-core (0.7.0)
    pdf-reader (2.4.0)
      Ascii85 (~> 1.0.0)
      afm (~> 0.2.1)
      hashery (~> 2.0)
      ruby-rc4
      ttfunk
    polyglot (0.3.5)
    prawn (2.2.2)
      pdf-core (~> 0.7.0)
      ttfunk (~> 1.5)
    prawn-icon (1.3.0)
      prawn (>= 1.1.0, < 3.0.0)
    prawn-svg (0.27.1)
      css_parser (~> 1.3)
      prawn (>= 0.11.1, < 3)
    prawn-table (0.2.2)
      prawn (>= 1.3.0, < 3.0.0)
    prawn-templates (0.1.1)
      pdf-reader (~> 2.0)
      prawn (~> 2.2)
    pygments.rb (1.2.1)
      multi_json (>= 1.0.0)
    rack (1.6.11)
    rake (13.0.1)
    ruby-rc4 (0.1.5)
    safe_yaml (1.0.5)
    thread_safe (0.3.6)
    treetop (1.5.3)
      polyglot (~> 0.3)
    ttfunk (1.5.1)

PLATFORMS
  ruby

DEPENDENCIES
  asciidoctor (= 1.5.6.1)
  asciidoctor-pdf (= 1.5.0.alpha.16)
  atlas-api
  awesome_print
  coderay
  colorize
  json
  oily_png
  pygments.rb
  rake
  thread_safe

BUNDLED WITH
   2.0.2
